GEM
  remote: https://rubygems.org/
  specs:
    ansi (1.5.0)
    builder (3.2.4)
    docile (1.4.0)
    dotenv (2.8.1)
    minitest (5.18.0)
    minitest-focus (1.3.1)
      minitest (>= 4, < 6)
    minitest-hooks (1.5.0)
      minitest (> 5.3)
    minitest-line (0.6.5)
      minitest (~> 5.0)
    minitest-reporters (1.6.0)
      ansi
      builder
      minitest (>= 5.0)
      ruby-progressbar
    rake (13.0.6)
    ruby-progressbar (1.13.0)
    simplecov (0.22.0)
      docile (~> 1.1)
      simplecov-html (~> 0.11)
      simplecov_json_formatter (~> 0.1)
    simplecov-csv (0.1.3)
      simplecov
    simplecov-html (0.12.3)
    simplecov-lcov (0.8.0)
    simplecov_json_formatter (0.1.4)

PLATFORMS
  arm64-darwin-22

DEPENDENCIES
  bundler
  dotenv
  minitest
  minitest-focus
  minitest-hooks
  minitest-line
  minitest-reporters
  rake
  simplecov
  simplecov-csv
  simplecov-lcov

RUBY VERSION
   ruby 3.2.2p53

BUNDLED WITH
   2.4.11
